GEM
  remote: https://rubygems.org/
  specs:
    CFPropertyList (2.2.8)
    diff-lcs (1.2.5)
    facter (2.4.4)
      CFPropertyList (~> 2.2.6)
    hiera (3.0.1)
      json_pure
    json_pure (1.8.2)
    kitchen-docker (2.3.0)
      test-kitchen (>= 1.0.0)
    kitchen-puppet (1.0.32)
      test-kitchen (~> 1.4)
    kitchen-vagrant (0.19.0)
      test-kitchen (~> 1.4)
    mixlib-shellout (2.2.1)
    multi_json (1.11.2)
    net-scp (1.2.1)
      net-ssh (>= 2.6.5)
    net-ssh (2.9.2)
    net-telnet (0.1.1)
    puppet (4.2.2)
      facter (> 2.0, < 4)
      hiera (>= 2.0, < 4)
      json_pure
    rake (10.4.2)
    rspec (3.3.0)
      rspec-core (~> 3.3.0)
      rspec-expectations (~> 3.3.0)
      rspec-mocks (~> 3.3.0)
    rspec-core (3.3.2)
      rspec-support (~> 3.3.0)
    rspec-expectations (3.3.1)
      diff-lcs (>= 1.2.0, < 2.0)
      rspec-support (~> 3.3.0)
    rspec-its (1.2.0)
      rspec-core (>= 3.0.0)
      rspec-expectations (>= 3.0.0)
    rspec-mocks (3.3.2)
      diff-lcs (>= 1.2.0, < 2.0)
      rspec-support (~> 3.3.0)
    rspec-support (3.3.0)
    safe_yaml (1.0.4)
    serverspec (2.24.0)
      multi_json
      rspec (~> 3.0)
      rspec-its
      specinfra (~> 2.43)
    sfl (2.2)
    specinfra (2.43.7)
      net-scp
      net-ssh (~> 2.7)
      net-telnet
      sfl
    test-kitchen (1.4.2)
      mixlib-shellout (>= 1.2, < 3.0)
      net-scp (~> 1.1)
      net-ssh (~> 2.7, < 2.10)
      safe_yaml (~> 1.0)
      thor (~> 0.18)
    thor (0.19.1)

PLATFORMS
  ruby

DEPENDENCIES
  kitchen-docker
  kitchen-puppet
  kitchen-vagrant
  puppet
  rake
  serverspec
  test-kitchen

BUNDLED WITH
   1.10.6
